GEM
  remote: https://rubygems.org/
  specs:
    rasem (0.7.1)

PLATFORMS
  ruby

DEPENDENCIES
  rasem

BUNDLED WITH
   1.14.6
